GEM
  remote: http://rubygems.org/
  remote: http://rubygems.org/
  specs:
    keen (0.7.2)
      multi_json (~> 1.0)
    multi_json (1.7.2)
    rack (1.5.2)
    rack-protection (1.5.0)
      rack
    sinatra (1.4.2)
      rack (~> 1.5, >= 1.5.2)
      rack-protection (~> 1.4)
      tilt (~> 1.3, >= 1.3.4)
    tilt (1.4.0)

PLATFORMS
  ruby

DEPENDENCIES
  keen
  rack
  sinatra
